GEM
  remote: http://rubygems.org/
  specs:
    eventmachine (1.0.0)
    rake (0.9.2.2)

PLATFORMS
  ruby

DEPENDENCIES
  eventmachine (~> 1.0)
  rake
